GEM
  remote: https://rubygems.org/
  specs:
    addressable (2.8.5)
      public_suffix (>= 2.0.2, < 6.0)
    ast (2.4.2)
    bigdecimal (3.1.4)
    capybara (3.39.2)
      addressable
      matrix
      mini_mime (>= 0.1.3)
      nokogiri (~> 1.8)
      rack (>= 1.6.0)
      rack-test (>= 0.6.3)
      regexp_parser (>= 1.5, < 3.0)
      xpath (~> 3.2)
    clerk-sdk-ruby (2.10.0)
      concurrent-ruby (~> 1.1)
      faraday (~> 1.4.1)
      jwt (~> 2.5)
    concurrent-ruby (1.2.2)
    docile (1.4.0)
    erubi (1.12.0)
    faraday (1.4.3)
      faraday-em_http (~> 1.0)
      faraday-em_synchrony (~> 1.0)
      faraday-excon (~> 1.1)
      faraday-net_http (~> 1.0)
      faraday-net_http_persistent (~> 1.1)
      multipart-post (>= 1.2, < 3)
      ruby2_keywords (>= 0.0.4)
    faraday-em_http (1.0.0)
    faraday-em_synchrony (1.0.0)
    faraday-excon (1.1.0)
    faraday-net_http (1.0.1)
    faraday-net_http_persistent (1.2.0)
    jwt (2.7.1)
    matrix (0.4.2)
    mini_mime (1.1.5)
    minitest (5.20.0)
    minitest-global_expectations (1.0.1)
      minitest (> 5)
    minitest-hooks (1.5.1)
      minitest (> 5.3)
    multipart-post (2.3.0)
    nio4r (2.5.9)
    nokogiri (1.15.4-arm64-darwin)
      racc (~> 1.4)
    parallel (1.23.0)
    parser (3.2.2.3)
      ast (~> 2.4.1)
      racc
    pg (1.5.4)
    public_suffix (5.0.3)
    puma (6.4.0)
      nio4r (~> 2.0)
    racc (1.7.1)
    rack (3.0.8)
    rack-test (2.1.0)
      rack (>= 1.3)
    rack-unreloader (2.1.0)
    rainbow (3.1.1)
    rake (13.0.6)
    refrigerator (1.6.0)
    regexp_parser (2.8.1)
    rexml (3.2.6)
    roda (3.72.0)
      rack
    rubocop (1.23.0)
      parallel (~> 1.10)
      parser (>= 3.0.0.0)
      rainbow (>= 2.2.2, < 4.0)
      regexp_parser (>= 1.8, < 3.0)
      rexml
      rubocop-ast (>= 1.12.0, < 2.0)
      ruby-progressbar (~> 1.7)
      unicode-display_width (>= 1.4.0, < 3.0)
    rubocop-ast (1.29.0)
      parser (>= 3.2.1.0)
    rubocop-minitest (0.27.0)
      rubocop (>= 0.90, < 2.0)
    rubocop-rake (0.6.0)
      rubocop (~> 1.0)
    rubocop-sequel (0.3.4)
      rubocop (~> 1.0)
    ruby-progressbar (1.13.0)
    ruby2_keywords (0.0.5)
    sequel (5.72.0)
      bigdecimal
    sequel-annotate (1.7.0)
      sequel (>= 4)
    sequel_pg (1.17.1)
      pg (>= 0.18.0, != 1.2.0)
      sequel (>= 4.38.0)
    simplecov (0.22.0)
      docile (~> 1.1)
      simplecov-html (~> 0.11)
      simplecov_json_formatter (~> 0.1)
    simplecov-html (0.12.3)
    simplecov_json_formatter (0.1.4)
    tilt (2.3.0)
    unicode-display_width (2.4.2)
    xpath (3.2.0)
      nokogiri (~> 1.8)

PLATFORMS
  arm64-darwin-22

DEPENDENCIES
  capybara
  clerk-sdk-ruby
  erubi (>= 1.5)
  minitest (>= 5.7.0)
  minitest-global_expectations
  minitest-hooks (>= 1.1.0)
  puma
  rack-unreloader (>= 2.1)
  rake
  refrigerator (>= 1)
  roda (>= 3.66)
  rubocop
  rubocop-minitest
  rubocop-rake
  rubocop-sequel
  sequel (>= 5.62)
  sequel-annotate
  sequel_pg (>= 1.8)
  simplecov
  tilt (>= 2.2)

BUNDLED WITH
   2.4.10
